PATH
  remote: .
  specs:
    eisenhower (0.0.1)
      httparty (~> 0.7.4)

GEM
  remote: http://rubygems.org/
  specs:
    crack (0.1.8)
    httparty (0.7.4)
      crack (= 0.1.8)

PLATFORMS
  ruby

DEPENDENCIES
  eisenhower!
  httparty (~> 0.7.4)
